GIT
  remote: https://github.com/rogue-craft/common
  revision: a84c5431aa85998e840fc4b5e088b577c05f7c1a
  specs:
    rogue-craft-common (0.1.0)
      dry-validation (~> 1.7)
      msgpack (~> 1.4)

GEM
  remote: https://rubygems.org/
  specs:
    bcrypt (3.1.18)
    codecov (0.6.0)
      simplecov (>= 0.15, < 0.22)
    concurrent-ruby (1.1.10)
    digest (3.1.0)
    docile (1.4.0)
    dotenv (2.7.6)
    dry-auto_inject (0.9.0)
      dry-container (>= 0.3.4)
    dry-configurable (0.15.0)
      concurrent-ruby (~> 1.0)
      dry-core (~> 0.6)
    dry-container (0.9.0)
      concurrent-ruby (~> 1.0)
      dry-configurable (~> 0.13, >= 0.13.0)
    dry-core (0.7.1)
      concurrent-ruby (~> 1.0)
    dry-events (0.3.0)
      concurrent-ruby (~> 1.0)
      dry-core (~> 0.5, >= 0.5)
    dry-inflector (0.2.1)
    dry-initializer (3.1.1)
    dry-logic (1.2.0)
      concurrent-ruby (~> 1.0)
      dry-core (~> 0.5, >= 0.5)
    dry-schema (1.9.2)
      concurrent-ruby (~> 1.0)
      dry-configurable (~> 0.13, >= 0.13.0)
      dry-core (~> 0.5, >= 0.5)
      dry-initializer (~> 3.0)
      dry-logic (~> 1.0)
      dry-types (~> 1.5)
    dry-types (1.5.1)
      concurrent-ruby (~> 1.0)
      dry-container (~> 0.3)
      dry-core (~> 0.5, >= 0.5)
      dry-inflector (~> 0.1, >= 0.1.2)
      dry-logic (~> 1.0, >= 1.0.2)
    dry-validation (1.8.1)
      concurrent-ruby (~> 1.0)
      dry-container (~> 0.7, >= 0.7.1)
      dry-core (~> 0.5, >= 0.5)
      dry-initializer (~> 3.0)
      dry-schema (~> 1.8, >= 1.8.0)
    eventmachine (1.2.7)
    hiredis (0.6.3)
    mail (2.7.1)
      mini_mime (>= 0.1.1)
    mini_mime (1.1.2)
    minitest (5.16.1)
    mocha (1.14.0)
    mono_logger (1.1.1)
    msgpack (1.5.2)
    multi_json (1.15.0)
    mustermann (3.0.0)
      ruby2_keywords (~> 0.0.1)
    nest (3.2.0)
      redic
    net-protocol (0.1.3)
      timeout
    net-smtp (0.3.1)
      digest
      net-protocol
      timeout
    ohm (3.1.1)
      nest (~> 3)
      redic (~> 1.5.0)
      stal
    ohm-contrib (3.0.0)
      ohm (~> 3.0)
    ohm-validations (1.1.0)
      ohm (~> 3.0, >= 2.0)
      scrivener (~> 1.0)
    perlin (0.2.2)
    rack (2.2.6.3)
    rack-protection (3.0.4)
      rack
    rake (13.0.6)
    redic (1.5.3)
      hiredis
    redis (4.6.0)
    redis-namespace (1.8.2)
      redis (>= 3.0.4)
    resque (2.2.1)
      mono_logger (~> 1.0)
      multi_json (~> 1.0)
      redis-namespace (~> 1.6)
      sinatra (>= 0.9.2)
    ruby2_keywords (0.0.5)
    scrivener (1.1.1)
    simplecov (0.21.2)
      docile (~> 1.1)
      simplecov-html (~> 0.11)
      simplecov_json_formatter (~> 0.1)
    simplecov-html (0.12.3)
    simplecov_json_formatter (0.1.4)
    sinatra (3.0.4)
      mustermann (~> 3.0)
      rack (~> 2.2, >= 2.2.4)
      rack-protection (= 3.0.4)
      tilt (~> 2.0)
    stal (0.3.0)
      redic (~> 1.5)
    tilt (2.0.11)
    timeout (0.3.0)

PLATFORMS
  x86_64-linux

DEPENDENCIES
  bcrypt (~> 3)
  codecov
  concurrent-ruby (~> 1.1)
  dotenv (~> 2.7)
  dry-auto_inject (~> 0.9.0)
  dry-container (~> 0.9.0)
  dry-events (~> 0.3.0)
  eventmachine
  mail (~> 2.7)
  minitest
  mocha
  net-smtp
  ohm (~> 3.1.1)
  ohm-contrib (~> 3)
  ohm-validations (~> 1.0)
  perlin (= 0.2.2)
  rake (~> 13.0)
  resque (~> 2.2)
  rogue-craft-common (= 0.1.0)!
  simplecov

BUNDLED WITH
   2.3.16
