GIT
  remote: https://github.com/rogue-craft/common
  revision: c9cb0fc1736e422b39543b40235a21d965da219e
  specs:
    rogue-craft-common (0.1.0)
      dry-validation (~> 1.3.1)
      msgpack (~> 1.2.6)

GEM
  remote: https://rubygems.org/
  specs:
    bcrypt (3.1.13)
    codecov (0.1.16)
      json
      simplecov
      url
    concurrent-ruby (1.1.5)
    docile (1.3.2)
    dotenv (2.7.5)
    dry-auto_inject (0.6.1)
      dry-container (>= 0.3.4)
    dry-configurable (0.8.3)
      concurrent-ruby (~> 1.0)
      dry-core (~> 0.4, >= 0.4.7)
    dry-container (0.7.2)
      concurrent-ruby (~> 1.0)
      dry-configurable (~> 0.1, >= 0.1.3)
    dry-core (0.4.9)
      concurrent-ruby (~> 1.0)
    dry-equalizer (0.2.2)
    dry-events (0.1.1)
      concurrent-ruby (~> 1.0)
      dry-core (~> 0.4)
      dry-equalizer (~> 0.2)
    dry-inflector (0.2.0)
    dry-initializer (3.0.2)
    dry-logic (1.0.5)
      concurrent-ruby (~> 1.0)
      dry-core (~> 0.2)
      dry-equalizer (~> 0.2)
    dry-schema (1.4.1)
      concurrent-ruby (~> 1.0)
      dry-configurable (~> 0.8, >= 0.8.3)
      dry-core (~> 0.4)
      dry-equalizer (~> 0.2)
      dry-initializer (~> 3.0)
      dry-logic (~> 1.0)
      dry-types (~> 1.2)
    dry-types (1.2.1)
      concurrent-ruby (~> 1.0)
      dry-container (~> 0.3)
      dry-core (~> 0.4, >= 0.4.4)
      dry-equalizer (~> 0.2, >= 0.2.2)
      dry-inflector (~> 0.1, >= 0.1.2)
      dry-logic (~> 1.0, >= 1.0.2)
    dry-validation (1.3.1)
      concurrent-ruby (~> 1.0)
      dry-container (~> 0.7, >= 0.7.1)
      dry-core (~> 0.4)
      dry-equalizer (~> 0.2)
      dry-initializer (~> 3.0)
      dry-schema (~> 1.0, >= 1.3.1)
    eventmachine (1.2.7)
    hiredis (0.6.3)
    i18n (0.9.5)
      concurrent-ruby (~> 1.0)
    json (2.2.0)
    mail (2.7.1)
      mini_mime (>= 0.1.1)
    metaclass (0.0.4)
    mime-types (3.3)
      mime-types-data (~> 3.2015)
    mime-types-data (3.2019.1009)
    mini_mime (1.0.2)
    minitest (5.12.2)
    mocha (1.9.0)
      metaclass (~> 0.0.1)
    moneta (1.0.0)
    mono_logger (1.1.0)
    msgpack (1.2.10)
    multi_json (1.14.1)
    mustermann (1.0.3)
    nest (3.1.2)
      redic
    ohm (3.1.1)
      nest (~> 3)
      redic (~> 1.5.0)
      stal
    ohm-contrib (3.0.0)
      ohm (~> 3.0)
    ohm-validations (1.1.0)
      ohm (~> 3.0, >= 2.0)
      scrivener (~> 1.0)
    padrino (0.14.4)
      padrino-admin (= 0.14.4)
      padrino-cache (= 0.14.4)
      padrino-core (= 0.14.4)
      padrino-gen (= 0.14.4)
      padrino-helpers (= 0.14.4)
      padrino-mailer (= 0.14.4)
      padrino-support (= 0.14.4)
    padrino-admin (0.14.4)
      padrino-core (= 0.14.4)
      padrino-helpers (= 0.14.4)
    padrino-cache (0.14.4)
      moneta (~> 1.0.0)
      padrino-core (= 0.14.4)
      padrino-helpers (= 0.14.4)
    padrino-core (0.14.4)
      padrino-support (= 0.14.4)
      sinatra (>= 2.0.0)
      thor (~> 0.18)
    padrino-gen (0.14.4)
      bundler (~> 1.0)
      padrino-core (= 0.14.4)
    padrino-helpers (0.14.4)
      i18n (~> 0.6, >= 0.6.7)
      padrino-support (= 0.14.4)
      tilt (>= 1.4.1, < 3)
    padrino-mailer (0.14.4)
      mail (~> 2.5)
      mime-types (< 4)
      padrino-core (= 0.14.4)
    padrino-support (0.14.4)
    rack (2.0.8)
    rack-protection (2.0.7)
      rack
    rake (12.3.3)
    redic (1.5.3)
      hiredis
    redis (4.1.3)
    redis-namespace (1.6.0)
      redis (>= 3.0.4)
    resque (2.0.0)
      mono_logger (~> 1.0)
      multi_json (~> 1.0)
      redis-namespace (~> 1.6)
      sinatra (>= 0.9.2)
      vegas (~> 0.1.2)
    scrivener (1.1.0)
    simplecov (0.17.1)
      docile (~> 1.1)
      json (>= 1.8, < 3)
      simplecov-html (~> 0.10.0)
    simplecov-html (0.10.2)
    sinatra (2.0.7)
      mustermann (~> 1.0)
      rack (~> 2.0)
      rack-protection (= 2.0.7)
      tilt (~> 2.0)
    stal (0.3.0)
      redic (~> 1.5)
    thor (0.20.3)
    tilt (2.0.10)
    url (0.3.2)
    vegas (0.1.11)
      rack (>= 1.0.0)

PLATFORMS
  ruby

DEPENDENCIES
  bcrypt (~> 3)
  codecov (~> 0.1.16)
  concurrent-ruby (~> 1.1.5)
  dotenv (~> 2.6)
  dry-auto_inject (~> 0.6.0)
  dry-container (~> 0.7.0)
  dry-events (~> 0.1.0)
  eventmachine (~> 1.2)
  mail (~> 2.7)
  minitest (~> 5.11)
  mocha (~> 1.8)
  ohm (~> 3.1.1)
  ohm-contrib (~> 3)
  ohm-validations (~> 1.0)
  padrino (~> 0.14)
  rake (~> 12.0)
  resque (~> 2.0)
  rogue-craft-common (= 0.1.0)!
  simplecov (~> 0.17)

BUNDLED WITH
   1.17.3
