PATH
  remote: .
  specs:
    rogue-craft-server (0.1.0)
      bcrypt (~> 3)
      dotenv (~> 2.6)
      dry-auto_inject (~> 0.6.0)
      dry-container (~> 0.6.0)
      dry-events (~> 0.1.0)
      eventmachine (~> 1.2)
      mail (~> 2.7)
      ohm (~> 3.1.1)
      ohm-contrib (~> 3)

GEM
  remote: https://rubygems.org/
  specs:
    bcrypt (3.1.12)
    concurrent-ruby (1.1.4)
    dotenv (2.7.1)
    dry-auto_inject (0.6.0)
      dry-container (>= 0.3.4)
    dry-configurable (0.8.2)
      concurrent-ruby (~> 1.0)
      dry-core (~> 0.4, >= 0.4.7)
    dry-container (0.6.0)
      concurrent-ruby (~> 1.0)
      dry-configurable (~> 0.1, >= 0.1.3)
    dry-core (0.4.7)
      concurrent-ruby (~> 1.0)
    dry-equalizer (0.2.2)
    dry-events (0.1.1)
      concurrent-ruby (~> 1.0)
      dry-core (~> 0.4)
      dry-equalizer (~> 0.2)
    dry-inflector (0.1.2)
    dry-initializer (2.5.0)
    dry-logic (0.5.0)
      dry-container (~> 0.2, >= 0.2.6)
      dry-core (~> 0.2)
      dry-equalizer (~> 0.2)
    dry-schema (0.3.0)
      concurrent-ruby (~> 1.0)
      dry-configurable (~> 0.1, >= 0.1.3)
      dry-core (~> 0.2, >= 0.2.1)
      dry-equalizer (~> 0.2)
      dry-initializer (~> 2.4)
      dry-logic (~> 0.5, >= 0.5.0)
      dry-types (~> 0.14, >= 0.14.0)
    dry-types (0.14.0)
      concurrent-ruby (~> 1.0)
      dry-container (~> 0.3)
      dry-core (~> 0.4, >= 0.4.4)
      dry-equalizer (~> 0.2)
      dry-inflector (~> 0.1, >= 0.1.2)
      dry-logic (~> 0.5, >= 0.5)
    dry-validation (1.0.0.alpha2)
      concurrent-ruby (~> 1.0)
      dry-configurable (~> 0.1, >= 0.1.3)
      dry-core (~> 0.2, >= 0.2.1)
      dry-equalizer (~> 0.2)
      dry-initializer (~> 2.5)
      dry-schema (~> 0.3, >= 0.3)
    eventmachine (1.2.7)
    hiredis (0.6.3)
    mail (2.7.1)
      mini_mime (>= 0.1.1)
    metaclass (0.0.4)
    mini_mime (1.0.1)
    minitest (5.11.3)
    mocha (1.8.0)
      metaclass (~> 0.0.1)
    mono_logger (1.1.0)
    msgpack (1.2.7)
    multi_json (1.13.1)
    mustermann (1.0.3)
    nest (3.1.2)
      redic
    ohm (3.1.1)
      nest (~> 3)
      redic (~> 1.5.0)
      stal
    ohm-contrib (3.0.0)
      ohm (~> 3.0)
    rack (2.0.6)
    rack-protection (2.0.5)
      rack
    rake (12.3.3)
    redic (1.5.1)
      hiredis
    redis (4.1.0)
    redis-namespace (1.6.0)
      redis (>= 3.0.4)
    resque (2.0.0)
      mono_logger (~> 1.0)
      multi_json (~> 1.0)
      redis-namespace (~> 1.6)
      sinatra (>= 0.9.2)
      vegas (~> 0.1.2)
    rogue-craft-common (0.1.0)
      dry-validation (~> 1.0.0.alpha2)
      msgpack (~> 1.2.6)
    sinatra (2.0.5)
      mustermann (~> 1.0)
      rack (~> 2.0)
      rack-protection (= 2.0.5)
      tilt (~> 2.0)
    stal (0.3.0)
      redic (~> 1.5)
    tilt (2.0.9)
    vegas (0.1.11)
      rack (>= 1.0.0)

PLATFORMS
  ruby

DEPENDENCIES
  bundler (~> 2)
  minitest (~> 5.11)
  mocha (~> 1.8)
  rake (~> 12.0)
  resque (~> 2.0)
  rogue-craft-common (= 0.1.0)
  rogue-craft-server!

BUNDLED WITH
   2.1.0.pre.1
